PATH
  remote: .
  specs:
    rubycas-server (1.1.3.pre)
      activerecord (>= 2.3.12, < 4.0)
      activesupport (>= 2.3.12, < 4.0)
      crypt-isaac (~> 0.9.1)
      sinatra (~> 1.0)
      sinatra-r18n (~> 1.1.0)

GEM
  remote: http://rubygems.org/
  specs:
    activemodel (3.2.12)
      activesupport (= 3.2.12)
      builder (~> 3.0.0)
    activerecord (3.2.12)
      activemodel (= 3.2.12)
      activesupport (= 3.2.12)
      arel (~> 3.0.2)
      tzinfo (~> 0.3.29)
    activesupport (3.2.12)
      i18n (~> 0.6)
      multi_json (~> 1.0)
    arel (3.0.2)
    builder (3.0.4)
    crypt-isaac (0.9.1)
    i18n (0.6.4)
    multi_json (1.6.1)
    r18n-core (1.1.4)
    rack (1.5.2)
    rack-protection (1.4.0)
      rack
    sinatra (1.3.5)
      rack (~> 1.4)
      rack-protection (~> 1.3)
      tilt (~> 1.3, >= 1.3.3)
    sinatra-r18n (1.1.4)
      r18n-core (= 1.1.4)
      sinatra (>= 1.3)
    tilt (1.3.5)
    tzinfo (0.3.36)

PLATFORMS
  ruby

DEPENDENCIES
  rubycas-server!
